GEM
  remote: http://rubygems.org/
  specs:
    activesupport (3.0.0)
    autotest (4.3.2)
    diff-lcs (1.1.2)
    rake (0.8.7)
    rspec (2.0.0.beta.22)
      rspec-core (= 2.0.0.beta.22)
      rspec-expectations (= 2.0.0.beta.22)
      rspec-mocks (= 2.0.0.beta.22)
    rspec-core (2.0.0.beta.22)
    rspec-expectations (2.0.0.beta.22)
      diff-lcs (>= 1.1.2)
    rspec-mocks (2.0.0.beta.22)
      rspec-core (= 2.0.0.beta.22)
      rspec-expectations (= 2.0.0.beta.22)

PLATFORMS
  ruby

DEPENDENCIES
  activesupport (~> 3.0.0)
  autotest (~> 4.3.2)
  rake (~> 0.8.7)
  rspec (~> 2.0.0.beta.22)
